PATH
  remote: .
  specs:
    theoj (1.4.0)
      faraday (~> 2.5.2)
      github-linguist (~> 7.22.1)
      octokit (~> 5.3.0)
      openjournals-nameable (~> 1.1)
      rugged (~> 1.5.0)

GEM
  remote: https://rubygems.org/
  specs:
    addressable (2.8.1)
      public_suffix (>= 2.0.2, < 6.0)
    cgi (0.3.2)
    charlock_holmes (0.7.7)
    diff-lcs (1.5.0)
    faraday (2.5.2)
      faraday-net_http (>= 2.0, < 3.1)
      ruby2_keywords (>= 0.0.4)
    faraday-net_http (3.0.0)
    github-linguist (7.22.1)
      cgi
      charlock_holmes (~> 0.7.7)
      mini_mime (~> 1.0)
      rugged (~> 1.0)
    mini_mime (1.1.2)
    octokit (5.3.0)
      faraday (>= 1, < 3)
      sawyer (~> 0.9)
    openjournals-nameable (1.1.7)
    public_suffix (5.0.0)
    rake (13.0.6)
    rspec (3.11.0)
      rspec-core (~> 3.11.0)
      rspec-expectations (~> 3.11.0)
      rspec-mocks (~> 3.11.0)
    rspec-core (3.11.0)
      rspec-support (~> 3.11.0)
    rspec-expectations (3.11.0)
      diff-lcs (>= 1.2.0, < 2.0)
      rspec-support (~> 3.11.0)
    rspec-mocks (3.11.1)
      diff-lcs (>= 1.2.0, < 2.0)
      rspec-support (~> 3.11.0)
    rspec-support (3.11.0)
    ruby2_keywords (0.0.5)
    rugged (1.5.0.1)
    sawyer (0.9.2)
      addressable (>= 2.3.5)
      faraday (>= 0.17.3, < 3)

PLATFORMS
  ruby

DEPENDENCIES
  rake (~> 13.0.6)
  rspec (~> 3.11)
  theoj!

BUNDLED WITH
   2.3.12
